PATH
  remote: .
  specs:
    faktory-ruby (0.5.0)
      connection_pool

GEM
  remote: https://rubygems.org/
  specs:
    connection_pool (2.2.1)
    minitest (5.10.3)
    rake (12.1.0)

PLATFORMS
  ruby

DEPENDENCIES
  faktory-ruby!
  minitest
  rake

BUNDLED WITH
   1.15.4
