PATH
  remote: .
  specs:
    faktory_worker_ruby (0.5.0)
      connection_pool (~> 2.2, >= 2.2.1)

GEM
  remote: https://rubygems.org/
  specs:
    connection_pool (2.2.1)
    minitest (5.10.3)
    rake (12.1.0)

PLATFORMS
  ruby

DEPENDENCIES
  faktory_worker_ruby!
  minitest (~> 5)
  rake (~> 12)

BUNDLED WITH
   1.15.4
